PATH
  remote: .
  specs:
    zip (0.1.0)
      aws-sdk (~> 2)

GEM
  remote: https://rubygems.org/
  specs:
    aws-sdk (2.5.7)
      aws-sdk-resources (= 2.5.7)
    aws-sdk-core (2.5.7)
      jmespath (~> 1.0)
    aws-sdk-resources (2.5.7)
      aws-sdk-core (= 2.5.7)
    jmespath (1.3.1)
    minitest (5.9.0)
    rake (10.4.2)

PLATFORMS
  ruby

DEPENDENCIES
  bundler (~> 1.12)
  minitest (~> 5.0)
  rake (~> 10.0)
  zip!

BUNDLED WITH
   1.12.5
